GEM
  remote: https://rubygems.org/
  specs:
    byebug (10.0.2)
    coderay (1.1.2)
    method_source (0.9.0)
    minitest (5.10.3)
    minitest-ci (3.4.0)
      minitest (>= 5.0.6)
    pry (0.11.3)
      coderay (~> 1.1.0)
      method_source (~> 0.9.0)
    pry-byebug (3.6.0)
      byebug (~> 10.0)
      pry (~> 0.10)
    rake (12.3.1)

PLATFORMS
  ruby

DEPENDENCIES
  minitest
  minitest-ci
  pry-byebug
  rake

BUNDLED WITH
   1.16.2
